PATH
  remote: .
  specs:
    grpc-tp6 (1.0.0)
      grpc (~> 1.0)
      logger (~> 1.4.2)
      multi_json (~> 1.13.1)

GEM
  remote: https://rubygems.org/
  specs:
    google-protobuf (3.17.3)
    google-protobuf (3.17.3-x64-mingw32)
    google-protobuf (3.17.3-x86_64-linux)
    googleapis-common-protos-types (1.0.6)
      google-protobuf (~> 3.14)
    grpc (1.35.0)
      google-protobuf (~> 3.14)
      googleapis-common-protos-types (~> 1.0)
    grpc (1.35.0-x64-mingw32)
      google-protobuf (~> 3.14)
      googleapis-common-protos-types (~> 1.0)
    grpc (1.35.0-x86_64-linux)
      google-protobuf (~> 3.14)
      googleapis-common-protos-types (~> 1.0)
    logger (1.4.3)
    mqtt (0.5.0)
    multi_json (1.13.1)
    uri (0.10.1)

PLATFORMS
  ruby
  x64-mingw32
  x86_64-linux

DEPENDENCIES
  bundler (>= 1.9)
  grpc
  grpc-tp6!
  logger
  mqtt
  multi_json
  uri

BUNDLED WITH
   2.2.20
