PATH
  remote: .
  specs:
    grpc-tp6 (1.0.0)
      grpc (~> 1.0)
      multi_json (~> 1.13.1)

GEM
  remote: https://rubygems.org/
  specs:
    google-protobuf (3.17.3-x64-mingw32)
    googleapis-common-protos-types (1.0.6)
      google-protobuf (~> 3.14)
    grpc (1.38.0-x64-mingw32)
      google-protobuf (~> 3.15)
      googleapis-common-protos-types (~> 1.0)
    mqtt (0.5.0)
    multi_json (1.13.1)
    uri (0.10.1)

PLATFORMS
  x64-mingw32

DEPENDENCIES
  bundler (>= 1.9)
  grpc
  grpc-tp6!
  mqtt
  multi_json
  uri

BUNDLED WITH
   2.1.4
